GEM
  remote: https://rubygems.org/
  specs:
    term-ansicolor (1.3.2)
      tins (~> 1.0)
    text-table (1.2.4)
    thor (0.19.1)
    tins (1.8.2)

PLATFORMS
  ruby

DEPENDENCIES
  term-ansicolor
  text-table
  thor

BUNDLED WITH
   1.10.6
